GEM
  remote: https://rubygems.org/
  specs:
    activemodel (4.2.0)
      activesupport (= 4.2.0)
      builder (~> 3.1)
    activesupport (4.2.0)
      i18n (~> 0.7)
      json (~> 1.7, >= 1.7.7)
      minitest (~> 5.1)
      thread_safe (~> 0.3, >= 0.3.4)
      tzinfo (~> 1.1)
    builder (3.2.2)
    daemons (1.1.9)
    disposable (0.0.9)
      representable (~> 2.0)
      uber
    dotenv (0.11.1)
      dotenv-deployment (~> 0.0.2)
    dotenv-deployment (0.0.2)
    escape (0.0.4)
    eventmachine (1.0.3)
    foreman (0.75.0)
      dotenv (~> 0.11.1)
      thor (~> 0.19.1)
    httpclient (2.4.0)
    i18n (0.7.0)
    json (1.8.1)
    kramdown (1.5.0)
    macaddr (1.7.1)
      systemu (~> 2.6.2)
    mini_portile (0.6.1)
    minitest (5.5.0)
    multi_json (1.10.1)
    nokogiri (1.6.5)
      mini_portile (~> 0.6.0)
    oj (2.10.2)
    pg (0.17.1)
    pusher (0.14.1)
      httpclient (~> 2.3)
      multi_json (~> 1.0)
      signature (~> 0.1.6)
    rack (1.5.2)
    rack-protection (1.5.3)
      rack
    rake (10.3.2)
    reform (1.2.4)
      activemodel
      disposable (~> 0.0.5)
      representable (~> 2.1.0)
      uber (~> 0.0.11)
    representable (2.1.3)
      multi_json
      nokogiri
      uber (~> 0.0.7)
    sequel (4.15.0)
    sequel_pg (1.6.11)
      pg (>= 0.8.0)
      sequel (>= 3.39.0)
    signature (0.1.7)
    sinatra (1.4.5)
      rack (~> 1.4)
      rack-protection (~> 1.4)
      tilt (~> 1.3, >= 1.3.4)
    systemu (2.6.4)
    thin (1.6.2)
      daemons (>= 1.0.9)
      eventmachine (>= 1.0.0)
      rack (>= 1.0.0)
    thor (0.19.1)
    thread_safe (0.3.4)
    tilt (1.4.1)
    tzinfo (1.2.2)
      thread_safe (~> 0.1)
    uber (0.0.11)
    uuid (2.3.7)
      macaddr (~> 1.0)
    zip (2.0.2)

PLATFORMS
  ruby

DEPENDENCIES
  activesupport
  bundler
  dotenv
  escape
  foreman
  kramdown
  oj
  pg
  pusher
  rake
  reform
  sequel
  sequel_pg
  sinatra
  thin
  tzinfo
  uuid
  zip
