GEM
  remote: https://rubygems.org/
  specs:
    activemodel (4.2.5)
      activesupport (= 4.2.5)
      builder (~> 3.1)
    activesupport (4.2.5)
      i18n (~> 0.7)
      json (~> 1.7, >= 1.7.7)
      minitest (~> 5.1)
      thread_safe (~> 0.3, >= 0.3.4)
      tzinfo (~> 1.1)
    builder (3.2.2)
    daemons (1.2.3)
    disposable (0.0.9)
      representable (~> 2.0)
      uber
    dotenv (2.0.2)
    escape (0.0.4)
    eventmachine (1.0.8)
    foreman (0.78.0)
      thor (~> 0.19.1)
    httpclient (2.4.0)
    i18n (0.7.0)
    json (1.8.3)
    kramdown (1.5.0)
    macaddr (1.7.1)
      systemu (~> 2.6.2)
    mini_portile2 (2.0.0)
    minitest (5.8.3)
    multi_json (1.11.2)
    nokogiri (1.6.7.1)
      mini_portile2 (~> 2.0.0.rc2)
    oj (2.14.3)
    pg (0.18.4)
    pusher (0.14.1)
      httpclient (~> 2.3)
      multi_json (~> 1.0)
      signature (~> 0.1.6)
    rack (1.6.4)
    rack-protection (1.5.3)
      rack
    rake (10.3.2)
    reform (1.2.6)
      activemodel
      disposable (~> 0.0.5)
      representable (~> 2.1.0)
      uber (~> 0.0.11)
    representable (2.1.8)
      multi_json
      nokogiri
      uber (~> 0.0.7)
    sequel (4.29.0)
    sequel_pg (1.6.13)
      pg (>= 0.8.0)
      sequel (>= 3.39.0)
    signature (0.1.7)
    sinatra (1.4.6)
      rack (~> 1.4)
      rack-protection (~> 1.4)
      tilt (>= 1.3, < 3)
    systemu (2.6.4)
    thin (1.6.4)
      daemons (~> 1.0, >= 1.0.9)
      eventmachine (~> 1.0, >= 1.0.4)
      rack (~> 1.0)
    thor (0.19.1)
    thread_safe (0.3.5)
    tilt (2.0.1)
    tzinfo (1.2.2)
      thread_safe (~> 0.1)
    uber (0.0.15)
    uuid (2.3.7)
      macaddr (~> 1.0)
    zip (2.0.2)

PLATFORMS
  ruby

DEPENDENCIES
  activesupport
  bundler
  dotenv
  escape
  foreman
  kramdown
  oj
  pg
  pusher
  rake
  reform (< 2.0.0)
  sequel
  sequel_pg
  sinatra
  thin
  tzinfo
  uuid
  zip

BUNDLED WITH
   1.11.2
